GEM
  remote: https://rubygems.org/
  specs:
    chunky_png (1.3.12)
    pdf-core (0.7.0)
    prawn (2.2.2)
      pdf-core (~> 0.7.0)
      ttfunk (~> 1.5)
    rqrcode (1.1.2)
      chunky_png (~> 1.0)
      rqrcode_core (~> 0.1)
    rqrcode_core (0.1.2)
    thinreports (0.11.0)
      prawn (~> 2.2.0)
    ttfunk (1.6.2.1)

PLATFORMS
  ruby

DEPENDENCIES
  rqrcode (= 1.1.2)
  thinreports (= 0.11.0)

BUNDLED WITH
   2.1.4
